GEM
  remote: http://rubygems.org/
  specs:
    activesupport (3.0.9)
    i18n (0.5.0)
    mime-types (1.16)
    nokogiri (1.4.6)
    rest-client (1.6.3)
      mime-types (>= 1.16)

PLATFORMS
  ruby

DEPENDENCIES
  activesupport
  i18n
  nokogiri
  rest-client
